GIT
  remote: git://github.com/Tomohiro/hackway.git
  revision: b41008603b4440fa437b434e4ae0228b644f6d52
  specs:
    hackway (0.0.1)
      net-irc
      rest-firebase
      slop

GEM
  remote: https://rubygems.org/
  specs:
    hitimes (1.2.3)
    httpclient (2.6.0.1)
    mime-types (2.6.2)
    net-irc (0.0.9)
    rest-core (3.5.7)
      httpclient
      mime-types
      timers (>= 4.0.1)
    rest-firebase (1.0.2)
      rest-core (>= 3.5.0)
    slop (4.2.0)
    timers (4.1.1)
      hitimes

PLATFORMS
  ruby

DEPENDENCIES
  hackway!

BUNDLED WITH
   1.10.5
