GIT
  remote: git://github.com/atig/atig.git
  revision: f02e8e0f2fc73d7c2833196a17aa9b5b0599d3a9
  specs:
    atig (0.6.1)
      net-irc
      oauth
      sqlite3 (>= 1.3.2)
      twitter-text

GEM
  remote: https://rubygems.org/
  specs:
    net-irc (0.0.9)
    oauth (0.5.1)
    sqlite3 (1.3.11)
    twitter-text (1.13.4)
      unf (~> 0.1.0)
    unf (0.1.4)
      unf_ext
    unf_ext (0.0.7.2)

PLATFORMS
  ruby

DEPENDENCIES
  atig!

BUNDLED WITH
   1.11.2
