GIT
  remote: git://github.com/atig/atig.git
  revision: c785361a32fd82024d141fddc7e5a85e17559805
  specs:
    atig (0.4.5)
      net-irc
      oauth
      sqlite3 (>= 1.3.2)
      twitter-text (~> 1.7.0)

GEM
  remote: https://rubygems.org/
  specs:
    net-irc (0.0.9)
    oauth (0.4.7)
    sqlite3 (1.3.10)
    twitter-text (1.7.0)
      unf (~> 0.1.0)
    unf (0.1.4)
      unf_ext
    unf_ext (0.0.7.1)

PLATFORMS
  ruby

DEPENDENCIES
  atig!

BUNDLED WITH
   1.10.5
